GEM
  remote: https://rubygems.org/
  specs:
    kgio (2.10.0)
    rack (2.0.1)
    raindrops (0.17.0)
    unicorn (5.1.0)
      kgio (~> 2.6)
      raindrops (~> 0.7)

PLATFORMS
  ruby

DEPENDENCIES
  rack
  unicorn

RUBY VERSION
   ruby 2.2.4p230

BUNDLED WITH
   1.12.5
